GEM
  remote: https://rubygems.org/
  specs:
    builder (3.1.3)
    daemons (1.1.9)
    eventmachine (1.0.3)
    rack (1.5.2)
    rack-rewrite (1.2.1)
    rdiscount (1.6.8)
    thin (1.6.1)
      daemons (>= 1.0.9)
      eventmachine (>= 1.0.0)
      rack (>= 1.0.0)
    toto (0.4.9)
      builder
      rack
      rdiscount

PLATFORMS
  ruby

DEPENDENCIES
  builder (= 3.1.3)
  rack-rewrite (= 1.2.1)
  rdiscount (= 1.6.8)
  thin
  toto (= 0.4.9)
